PATH
  remote: .
  specs:
    leeloo (0.4.0)
      clipboard (~> 1.3)
      commander (~> 4.4)
      git (~> 1.5)
      gpgme (~> 2.0)
      tty-table (~> 0.10)
      tty-tree (~> 0.3)

GEM
  remote: https://rubygems.org/
  specs:
    clipboard (1.3.5)
    commander (4.5.2)
      highline (~> 2.0.0)
    diff-lcs (1.3)
    git (1.7.0)
      rchardet (~> 1.8)
    gpgme (2.0.20)
      mini_portile2 (~> 2.3)
    highline (2.0.3)
    mini_portile2 (2.5.0)
    pastel (0.8.0)
      tty-color (~> 0.5)
    rake (12.3.3)
    rchardet (1.8.0)
    rspec (3.8.0)
      rspec-core (~> 3.8.0)
      rspec-expectations (~> 3.8.0)
      rspec-mocks (~> 3.8.0)
    rspec-core (3.8.2)
      rspec-support (~> 3.8.0)
    rspec-expectations (3.8.4)
      diff-lcs (>= 1.2.0, < 2.0)
      rspec-support (~> 3.8.0)
    rspec-mocks (3.8.1)
      diff-lcs (>= 1.2.0, < 2.0)
      rspec-support (~> 3.8.0)
    rspec-support (3.8.2)
    strings (0.2.0)
      strings-ansi (~> 0.2)
      unicode-display_width (~> 1.5)
      unicode_utils (~> 1.4)
    strings-ansi (0.2.0)
    tty-color (0.5.2)
    tty-screen (0.8.1)
    tty-table (0.12.0)
      pastel (~> 0.8)
      strings (~> 0.2.0)
      tty-screen (~> 0.8)
    tty-tree (0.4.0)
    unicode-display_width (1.7.0)
    unicode_utils (1.4.0)

PLATFORMS
  ruby

DEPENDENCIES
  bundler (~> 2)
  leeloo!
  rake (~> 12.0)
  rspec (~> 3.0)

BUNDLED WITH
   2.1.4
